GEM
  remote: https://rubygems.org/
  specs:
    asciiart (0.0.9)
      rainbow (= 2.0.0)
      rmagick (= 2.13.4)
    awesome_print (1.6.1)
    coderay (1.1.0)
    faker (1.4.3)
      i18n (~> 0.5)
    google-search (1.0.3)
      json
    i18n (0.7.0)
    json (1.8.2)
    method_source (0.8.2)
    pry (0.10.1)
      coderay (~> 1.1.0)
      method_source (~> 0.8.1)
      slop (~> 3.4)
    pry-doc (0.6.0)
      pry (~> 0.9)
      yard (~> 0.8)
    rainbow (2.0.0)
    rmagick (2.13.4)
    slop (3.6.0)
    yard (0.8.7.6)

PLATFORMS
  ruby

DEPENDENCIES
  asciiart
  awesome_print
  faker
  google-search
  pry
  pry-doc
